GIT
  remote: git://github.com/emberjs/ember-rails.git
  revision: 157dcc2dd19a1e4356e255d8c917ac2e5cf57e3f
  specs:
    ember-rails (0.12.0)
      active_model_serializers
      barber (>= 0.4.1)
      ember-data-source
      ember-source
      execjs (>= 1.2)
      handlebars-source
      railties (>= 3.1)

GIT
  remote: git://github.com/jnicklas/carrierwave.git
  revision: f2e4bc6b8a528b9a74af658c0aeeeba3af80de53
  specs:
    carrierwave (0.8.0)
      activemodel (>= 3.2.0)
      activesupport (>= 3.2.0)
      json (>= 1.7)

GIT
  remote: git://github.com/pauldix/feedzirra.git
  revision: 80cd35766e40ee3058db1c5c0c25448baeea4212
  specs:
    feedzirra (0.2.0.rc2)
      curb (~> 0.8.1)
      loofah (~> 1.2.1)
      nokogiri (~> 1.5.3)
      sax-machine (~> 0.2.0.rc1)

GIT
  remote: git://github.com/plataformatec/devise.git
  revision: 5717c6f08297b11a81a004199de325bfa898903d
  specs:
    devise (3.0.0.rc)
      bcrypt-ruby (~> 3.0)
      orm_adapter (~> 0.1)
      railties (>= 3.2.6, < 5)
      warden (~> 1.2.1)

GIT
  remote: git://github.com/rails/rails.git
  revision: cbc2e7987e71ff34149acaf1f9f3205f30b67174
  specs:
    actionmailer (4.1.0.beta)
      actionpack (= 4.1.0.beta)
      mail (~> 2.5.4)
    actionpack (4.1.0.beta)
      actionview (= 4.1.0.beta)
      activesupport (= 4.1.0.beta)
      rack (~> 1.5.2)
      rack-test (~> 0.6.2)
    actionview (4.1.0.beta)
      activemodel (= 4.1.0.beta)
      activesupport (= 4.1.0.beta)
      builder (~> 3.1.0)
      erubis (~> 2.7.0)
    activemodel (4.1.0.beta)
      activesupport (= 4.1.0.beta)
      builder (~> 3.1.0)
    activerecord (4.1.0.beta)
      activemodel (= 4.1.0.beta)
      activerecord-deprecated_finders (~> 1.0.2)
      activesupport (= 4.1.0.beta)
      arel (~> 4.0.0)
    activesupport (4.1.0.beta)
      i18n (~> 0.6, >= 0.6.4)
      json (~> 1.7)
      minitest (~> 5.0)
      thread_safe (~> 0.1)
      tzinfo (~> 0.3.37)
    rails (4.1.0.beta)
      actionmailer (= 4.1.0.beta)
      actionpack (= 4.1.0.beta)
      actionview (= 4.1.0.beta)
      activerecord (= 4.1.0.beta)
      activesupport (= 4.1.0.beta)
      bundler (>= 1.3.0, < 2.0)
      railties (= 4.1.0.beta)
      sprockets-rails (~> 2.0.0)
    railties (4.1.0.beta)
      actionpack (= 4.1.0.beta)
      activesupport (= 4.1.0.beta)
      rake (>= 0.8.7)
      thor (>= 0.18.1, < 2.0)

GIT
  remote: git://github.com/resque/resque.git
  revision: 197624b30158911983f82cdf43c301d0234d7ab5
  branch: 1-x-stable
  specs:
    resque (1.24.1)
      mono_logger (~> 1.0)
      multi_json (~> 1.0)
      redis-namespace (~> 1.2)
      sinatra (>= 0.9.2)
      vegas (~> 0.1.2)

GEM
  remote: https://rubygems.org/
  specs:
    active_model_serializers (0.8.1)
      activemodel (>= 3.0)
    activerecord-deprecated_finders (1.0.3)
    arel (4.0.0)
    atomic (1.1.9)
    aws-s3 (0.6.3)
      builder
      mime-types
      xml-simple
    barber (0.4.2)
      ember-source
      execjs
      handlebars-source
    bcrypt-ruby (3.0.1)
    bootstrap-sass-rails (2.3.2.0)
      railties (>= 3.1.0)
      sass-rails (>= 3.1.0)
    builder (3.1.4)
    capistrano (2.15.4)
      highline
      net-scp (>= 1.0.0)
      net-sftp (>= 2.0.0)
      net-ssh (>= 2.0.14)
      net-ssh-gateway (>= 1.1.0)
    chronic (0.9.1)
    coderay (1.0.9)
    coffee-rails (4.0.0)
      coffee-script (>= 2.2.0)
      railties (>= 4.0.0.beta, < 5.0)
    coffee-script (2.2.0)
      coffee-script-source
      execjs
    coffee-script-source (1.6.2)
    curb (0.8.4)
    dotenv (0.8.0)
    em-websocket (0.5.0)
      eventmachine (>= 0.12.9)
      http_parser.rb (~> 0.5.3)
    ember-data-source (0.13)
      ember-source
    ember-source (0.0.9)
      handlebars-source (= 1.0.0.rc4)
    erubis (2.7.0)
    eventmachine (1.0.3)
    excon (0.13.4)
    execjs (1.4.0)
      multi_json (~> 1.0)
    ffi (1.9.0)
    fog (1.3.1)
      builder
      excon (~> 0.13.0)
      formatador (~> 0.2.0)
      mime-types
      multi_json (~> 1.0)
      net-scp (~> 1.0.4)
      net-ssh (>= 2.1.3)
      nokogiri (~> 1.5.0)
      ruby-hmac
    foreman (0.63.0)
      dotenv (>= 0.7)
      thor (>= 0.13.6)
    formatador (0.2.4)
    guard (1.8.1)
      formatador (>= 0.2.4)
      listen (>= 1.0.0)
      lumberjack (>= 1.0.2)
      pry (>= 0.9.10)
      thor (>= 0.14.6)
    guard-livereload (1.4.0)
      em-websocket (>= 0.5.0)
      guard (>= 1.8.0)
      multi_json (~> 1.7)
    handlebars-source (1.0.0.rc4)
    highline (1.6.19)
    hike (1.2.3)
    http_parser.rb (0.5.3)
    i18n (0.6.4)
    jquery-rails (3.0.1)
      railties (>= 3.0, < 5.0)
      thor (>= 0.14, < 2.0)
    json (1.8.0)
    kgio (2.8.0)
    listen (1.2.2)
      rb-fsevent (>= 0.9.3)
      rb-inotify (>= 0.9)
      rb-kqueue (>= 0.2)
    loofah (1.2.1)
      nokogiri (>= 1.4.4)
    lumberjack (1.0.3)
    mail (2.5.4)
      mime-types (~> 1.16)
      treetop (~> 1.4.8)
    method_source (0.8.1)
    mime-types (1.23)
    minitest (5.0.5)
    mono_logger (1.1.0)
    multi_json (1.7.7)
    net-scp (1.0.4)
      net-ssh (>= 1.99.1)
    net-sftp (2.1.2)
      net-ssh (>= 2.6.5)
    net-ssh (2.6.7)
    net-ssh-gateway (1.2.0)
      net-ssh (>= 2.6.5)
    nokogiri (1.5.10)
    orm_adapter (0.4.0)
    pg (0.15.1)
    polyglot (0.3.3)
    pry (0.9.12.2)
      coderay (~> 1.0.5)
      method_source (~> 0.8)
      slop (~> 3.4)
    rack (1.5.2)
    rack-protection (1.5.0)
      rack
    rack-test (0.6.2)
      rack (>= 1.0)
    raindrops (0.11.0)
    rake (10.1.0)
    rb-fsevent (0.9.3)
    rb-inotify (0.9.0)
      ffi (>= 0.5.0)
    rb-kqueue (0.2.0)
      ffi (>= 0.5.0)
    redis (3.0.4)
    redis-namespace (1.3.0)
      redis (~> 3.0.0)
    rmagick (2.12.0)
    ruby-hmac (0.4.0)
    sass (3.2.9)
    sass-rails (4.0.0.rc2)
      railties (>= 4.0.0.beta, < 5.0)
      sass (>= 3.1.10)
      sprockets-rails (~> 2.0.0)
    sax-machine (0.2.0.rc1)
      nokogiri (~> 1.5.2)
    sinatra (1.4.3)
      rack (~> 1.4)
      rack-protection (~> 1.4)
      tilt (~> 1.3, >= 1.3.4)
    slop (3.4.5)
    sprockets (2.10.0)
      hike (~> 1.2)
      multi_json (~> 1.0)
      rack (~> 1.0)
      tilt (~> 1.1, != 1.3.0)
    sprockets-rails (2.0.0)
      actionpack (>= 3.0)
      activesupport (>= 3.0)
      sprockets (~> 2.8)
    thor (0.18.1)
    thread_safe (0.1.0)
      atomic
    tilt (1.4.1)
    treetop (1.4.14)
      polyglot
      polyglot (>= 0.3.1)
    tzinfo (0.3.37)
    uglifier (2.1.1)
      execjs (>= 0.3.0)
      multi_json (~> 1.0, >= 1.0.2)
    unicorn (4.6.3)
      kgio (~> 2.6)
      rack
      raindrops (~> 0.7)
    vegas (0.1.11)
      rack (>= 1.0.0)
    warden (1.2.1)
      rack (>= 1.0)
    whenever (0.8.2)
      activesupport (>= 2.3.4)
      chronic (>= 0.6.3)
    xml-simple (1.1.2)

PLATFORMS
  ruby

DEPENDENCIES
  aws-s3
  bootstrap-sass-rails
  capistrano
  carrierwave!
  coffee-rails (~> 4.0.0)
  devise!
  ember-rails!
  feedzirra!
  fog (= 1.3.1)
  foreman
  guard-livereload
  handlebars-source (= 1.0.0.rc4)
  jquery-rails
  pg
  rails!
  rb-fsevent (~> 0.9)
  resque!
  rmagick (= 2.12.0)
  sass-rails (~> 4.0.0.rc1)
  uglifier (>= 1.0.3)
  unicorn
  whenever
